PATH
  remote: .
  specs:
    perf_check (0.5.5)
      colorize (= 0.7.3)
      diffy (= 3.0.5)

GEM
  remote: https://rubygems.org/
  specs:
    colorize (0.7.3)
    diff-lcs (1.2.5)
    diffy (3.0.5)
    rspec (3.4.0)
      rspec-core (~> 3.4.0)
      rspec-expectations (~> 3.4.0)
      rspec-mocks (~> 3.4.0)
    rspec-core (3.4.4)
      rspec-support (~> 3.4.0)
    rspec-expectations (3.4.0)
      diff-lcs (>= 1.2.0, < 2.0)
      rspec-support (~> 3.4.0)
    rspec-mocks (3.4.1)
      diff-lcs (>= 1.2.0, < 2.0)
      rspec-support (~> 3.4.0)
    rspec-support (3.4.1)

PLATFORMS
  ruby

DEPENDENCIES
  perf_check!
  rspec

BUNDLED WITH
   1.11.2
